GEM
  remote: https://rubygems.org/
  specs:
    power_assert (0.2.7)
    test-unit (3.1.7)
      power_assert

PLATFORMS
  ruby

DEPENDENCIES
  test-unit
